GEM
  remote: https://rubygems.org/
  specs:
    addressable (2.3.2)
    coderay (1.0.8)
    em-websocket (0.3.8)
      addressable (>= 2.1.1)
      eventmachine (>= 0.12.9)
    em-websocket-client (0.1.1)
      eventmachine
      libwebsocket
    eventmachine (1.0.0)
    libwebsocket (0.1.5)
      addressable
    method_source (0.8.1)
    pry (0.9.10)
      coderay (~> 1.0.5)
      method_source (~> 0.8)
      slop (~> 3.3.1)
    slop (3.3.3)

PLATFORMS
  ruby

DEPENDENCIES
  em-websocket
  em-websocket-client
  pry
